GIT
  remote: https://github.com/akicho8/rain_table.git
  revision: 630ac3c007f74d1bb9a91ebc79e65ffe1325ec41
  specs:
    rain_table (0.1.1)
      activesupport

PATH
  remote: .
  specs:
    bushido (0.0.1)
      activesupport
      pry
      rain_table
      tapp
      yard

GEM
  remote: https://rubygems.org/
  specs:
    activesupport (3.2.12)
      i18n (~> 0.6)
      multi_json (~> 1.0)
    backports (3.1.1)
    chunky_png (1.2.7)
    coderay (1.0.9)
    compass (0.12.2)
      chunky_png (~> 1.2)
      fssm (>= 0.2.7)
      sass (~> 3.1)
    eventmachine (1.0.3)
    fssm (0.2.10)
    haml (4.0.0)
      tilt
    hpricot (0.8.6)
    i18n (0.6.4)
    method_source (0.8.1)
    minitest (4.6.2)
    multi_json (1.6.1)
    pry (0.9.12)
      coderay (~> 1.0.5)
      method_source (~> 0.8)
      slop (~> 3.4)
    rack (1.5.2)
    rack-contrib (1.1.0)
      rack (>= 0.9.1)
    rack-protection (1.5.0)
      rack
    rack-test (0.6.2)
      rack (>= 1.0)
    redis (3.0.3)
    sass (3.2.7)
    sinatra (1.3.6)
      rack (~> 1.4)
      rack-protection (~> 1.3)
      tilt (~> 1.3, >= 1.3.3)
    sinatra-contrib (1.3.2)
      backports (>= 2.0)
      eventmachine
      rack-protection
      rack-test
      sinatra (~> 1.3.0)
      tilt (~> 1.3)
    slop (3.4.4)
    tapp (1.4.0)
      thor
    thor (0.17.0)
    tilt (1.3.5)
    yard (0.8.5.2)

PLATFORMS
  ruby

DEPENDENCIES
  bushido!
  compass
  haml
  hpricot
  minitest
  rack-contrib
  rain_table!
  redis
  sass
  sinatra
  sinatra-contrib
