PATH
  remote: .
  specs:
    warabi (0.0.1)
      actionview
      activesupport
      memory_record
      table_format
      tree_support

GEM
  remote: https://rubygems.org/
  specs:
    actionview (5.2.1)
      activesupport (= 5.2.1)
      builder (~> 3.1)
      erubi (~> 1.4)
      rails-dom-testing (~> 2.0)
      rails-html-sanitizer (~> 1.0, >= 1.0.3)
    activesupport (5.2.1)
      concurrent-ruby (~> 1.0, >= 1.0.2)
      i18n (>= 0.7, < 2)
      minitest (~> 5.1)
      tzinfo (~> 1.1)
    builder (3.2.3)
    coderay (1.1.2)
    concurrent-ruby (1.0.5)
    crass (1.0.4)
    diff-lcs (1.3)
    docile (1.3.1)
    erubi (1.7.1)
    i18n (1.1.0)
      concurrent-ruby (~> 1.0)
    json (2.1.0)
    loofah (2.2.2)
      crass (~> 1.0.2)
      nokogiri (>= 1.5.9)
    memory_record (0.0.15)
      activesupport
    method_source (0.9.0)
    mini_portile2 (2.3.0)
    minitest (5.11.3)
    nokogiri (1.8.4)
      mini_portile2 (~> 2.3.0)
    power_assert (1.1.3)
    pry (0.11.3)
      coderay (~> 1.1.0)
      method_source (~> 0.9.0)
    rails-dom-testing (2.0.3)
      activesupport (>= 4.2.0)
      nokogiri (>= 1.6)
    rails-html-sanitizer (1.0.4)
      loofah (~> 2.2, >= 2.2.2)
    rake (12.3.1)
    rspec (3.8.0)
      rspec-core (~> 3.8.0)
      rspec-expectations (~> 3.8.0)
      rspec-mocks (~> 3.8.0)
    rspec-core (3.8.0)
      rspec-support (~> 3.8.0)
    rspec-expectations (3.8.1)
      diff-lcs (>= 1.2.0, < 2.0)
      rspec-support (~> 3.8.0)
    rspec-mocks (3.8.0)
      diff-lcs (>= 1.2.0, < 2.0)
      rspec-support (~> 3.8.0)
    rspec-support (3.8.0)
    simplecov (0.16.1)
      docile (~> 1.1)
      json (>= 1.8, < 3)
      simplecov-html (~> 0.10.0)
    simplecov-html (0.10.2)
    stackprof (0.2.12)
    table_format (0.0.3)
      activesupport
    test-unit (3.2.8)
      power_assert
    thread_safe (0.3.6)
    tree_support (0.1.6)
      activesupport
    tzinfo (1.2.5)
      thread_safe (~> 0.1)

PLATFORMS
  ruby

DEPENDENCIES
  bundler
  pry
  rake
  rspec
  simplecov
  stackprof
  test-unit
  warabi!

BUNDLED WITH
   1.16.2
