PATH
  remote: .
  specs:
    bushido (0.0.1)
      actionview
      activesupport
      memory_record
      org_tp
      pry
      tapp

GEM
  remote: https://rubygems.org/
  specs:
    actionview (5.1.4)
      activesupport (= 5.1.4)
      builder (~> 3.1)
      erubi (~> 1.4)
      rails-dom-testing (~> 2.0)
      rails-html-sanitizer (~> 1.0, >= 1.0.3)
    activemodel (5.1.4)
      activesupport (= 5.1.4)
    activesupport (5.1.4)
      concurrent-ruby (~> 1.0, >= 1.0.2)
      i18n (~> 0.7)
      minitest (~> 5.1)
      tzinfo (~> 1.1)
    backports (3.6.8)
    builder (3.2.3)
    chunky_png (1.3.8)
    coderay (1.1.2)
    coffee-script (2.4.1)
      coffee-script-source
      execjs
    coffee-script-source (1.12.2)
    compass (1.0.3)
      chunky_png (~> 1.2)
      compass-core (~> 1.0.2)
      compass-import-once (~> 1.0.5)
      rb-fsevent (>= 0.9.3)
      rb-inotify (>= 0.9)
      sass (>= 3.3.13, < 3.5)
    compass-core (1.0.3)
      multi_json (~> 1.0)
      sass (>= 3.3.0, < 3.5)
    compass-import-once (1.0.5)
      sass (>= 3.2, < 3.5)
    concurrent-ruby (1.0.5)
    crass (1.0.2)
    diff-lcs (1.3)
    erubi (1.7.0)
    execjs (2.7.0)
    ffi (1.9.17)
    foreman (0.83.0)
      thor (~> 0.19.1)
    git-version-bump (0.15.1)
    haml (4.0.7)
      tilt
    hpricot (0.8.6)
    i18n (0.9.0)
      concurrent-ruby (~> 1.0)
    loofah (2.1.1)
      crass (~> 1.0.2)
      nokogiri (>= 1.5.9)
    memory_record (0.0.6)
      activemodel
      activesupport
    method_source (0.9.0)
    mini_portile2 (2.3.0)
    minitest (5.10.3)
    multi_json (1.12.1)
    nokogiri (1.8.1)
      mini_portile2 (~> 2.3.0)
    org_tp (0.0.12)
      activesupport
    pry (0.11.2)
      coderay (~> 1.1.0)
      method_source (~> 0.9.0)
    puma (3.6.2)
    rack (1.6.5)
    rack-contrib (1.4.0)
      git-version-bump (~> 0.15)
      rack (~> 1.4)
    rack-protection (1.5.3)
      rack
    rack-test (0.6.3)
      rack (>= 1.0)
    rails-dom-testing (2.0.3)
      activesupport (>= 4.2.0)
      nokogiri (>= 1.6)
    rails-html-sanitizer (1.0.3)
      loofah (~> 2.0)
    rake (12.0.0)
    rb-fsevent (0.9.8)
    rb-inotify (0.9.7)
      ffi (>= 0.5.0)
    redcarpet (3.4.0)
    redis (3.3.2)
    rspec (3.5.0)
      rspec-core (~> 3.5.0)
      rspec-expectations (~> 3.5.0)
      rspec-mocks (~> 3.5.0)
    rspec-core (3.5.4)
      rspec-support (~> 3.5.0)
    rspec-expectations (3.5.0)
      diff-lcs (>= 1.2.0, < 2.0)
      rspec-support (~> 3.5.0)
    rspec-mocks (3.5.0)
      diff-lcs (>= 1.2.0, < 2.0)
      rspec-support (~> 3.5.0)
    rspec-support (3.5.0)
    sass (3.4.23)
    sinatra (1.4.7)
      rack (~> 1.5)
      rack-protection (~> 1.4)
      tilt (>= 1.3, < 3)
    sinatra-contrib (1.4.7)
      backports (>= 2.0)
      multi_json
      rack-protection
      rack-test
      sinatra (~> 1.4.0)
      tilt (>= 1.3, < 3)
    slim (3.0.7)
      temple (~> 0.7.6)
      tilt (>= 1.3.3, < 2.1)
    tapp (1.5.1)
      thor
    temple (0.7.7)
    thor (0.19.4)
    thread_safe (0.3.6)
    tilt (2.0.5)
    tzinfo (1.2.4)
      thread_safe (~> 0.1)
    yard (0.9.8)
    yard-rspec (0.1)
      yard
    yard-rubicle (0.1.1)
      yard

PLATFORMS
  ruby

DEPENDENCIES
  builder
  bundler
  bushido!
  coffee-script
  compass
  execjs
  foreman
  haml
  hpricot
  multi_json
  puma
  rack-contrib
  rake
  redcarpet
  redis
  rspec
  sass
  sinatra
  sinatra-contrib
  slim
  yard
  yard-rspec
  yard-rubicle

BUNDLED WITH
   1.16.0.pre.3
