PATH
  remote: ..
  specs:
    bioshogi (0.0.17)
      actionview
      activesupport (>= 7.1.0)
      benchmark
      color (< 2.0.0)
      faraday
      memory_record
      nkf
      rmagick (>= 5.0.0)
      rubyzip (>= 2.3.0)
      systemu
      table_format
      thor
      tree_support
      zeitwerk

GEM
  remote: https://rubygems.org/
  specs:
    actionview (8.0.2)
      activesupport (= 8.0.2)
      builder (~> 3.1)
      erubi (~> 1.11)
      rails-dom-testing (~> 2.2)
      rails-html-sanitizer (~> 1.6)
    activesupport (8.0.2)
      base64
      benchmark (>= 0.3)
      bigdecimal
      concurrent-ruby (~> 1.0, >= 1.3.1)
      connection_pool (>= 2.2.5)
      drb
      i18n (>= 1.6, < 2)
      logger (>= 1.4.2)
      minitest (>= 5.1)
      securerandom (>= 0.3)
      tzinfo (~> 2.0, >= 2.0.5)
      uri (>= 0.13.1)
    addressable (2.8.7)
      public_suffix (>= 2.0.2, < 7.0)
    base64 (0.3.0)
    benchmark (0.4.1)
    benchmark-ips (2.14.0)
    bigdecimal (3.2.2)
    builder (3.3.0)
    color (1.8)
    concurrent-ruby (1.3.5)
    connection_pool (2.5.3)
    crass (1.0.6)
    diff-lcs (1.6.2)
    domain_name (0.6.20240107)
    drb (2.2.3)
    erubi (1.13.1)
    faraday (2.13.1)
      faraday-net_http (>= 2.0, < 3.5)
      json
      logger
    faraday-net_http (3.4.1)
      net-http (>= 0.5.0)
    http-cookie (1.0.8)
      domain_name (~> 0.5)
    i18n (1.14.7)
      concurrent-ruby (~> 1.0)
    json (2.12.2)
    logger (1.7.0)
    loofah (2.24.1)
      crass (~> 1.0.2)
      nokogiri (>= 1.12.0)
    mechanize (2.14.0)
      addressable (~> 2.8)
      base64
      domain_name (~> 0.5, >= 0.5.20190701)
      http-cookie (~> 1.0, >= 1.0.3)
      mime-types (~> 3.3)
      net-http-digest_auth (~> 1.4, >= 1.4.1)
      net-http-persistent (>= 2.5.2, < 5.0.dev)
      nkf
      nokogiri (~> 1.11, >= 1.11.2)
      rubyntlm (~> 0.6, >= 0.6.3)
      webrick (~> 1.7)
      webrobots (~> 0.1.2)
    memory_record (0.0.21)
      activesupport
    mime-types (3.7.0)
      logger
      mime-types-data (~> 3.2025, >= 3.2025.0507)
    mime-types-data (3.2025.0610)
    mini_portile2 (2.8.9)
    minitest (5.25.5)
    net-http (0.6.0)
      uri
    net-http-digest_auth (1.4.1)
    net-http-persistent (4.0.6)
      connection_pool (~> 2.2, >= 2.2.4)
    nkf (0.2.0)
    nokogiri (1.18.8)
      mini_portile2 (~> 2.8.2)
      racc (~> 1.4)
    observer (0.1.2)
    pkg-config (1.6.2)
    power_assert (2.0.5)
    public_suffix (6.0.2)
    racc (1.8.1)
    rails-dom-testing (2.3.0)
      activesupport (>= 5.0.0)
      minitest
      nokogiri (>= 1.6)
    rails-html-sanitizer (1.6.2)
      loofah (~> 2.21)
      nokogiri (>= 1.15.7, != 1.16.7, != 1.16.6, != 1.16.5, != 1.16.4, != 1.16.3, != 1.16.2, != 1.16.1, != 1.16.0.rc1, != 1.16.0)
    rmagick (6.1.1)
      observer (~> 0.1)
      pkg-config (~> 1.4)
    rubyntlm (0.6.5)
      base64
    rubyzip (2.3.2)
    securerandom (0.4.1)
    stackprof (0.2.27)
    systemu (2.6.5)
    table_format (0.0.17)
      activesupport
      nkf
    test-unit (3.6.8)
      power_assert
    thor (1.3.2)
    tree_support (0.1.9)
      activesupport
    tzinfo (2.0.6)
      concurrent-ruby (~> 1.0)
    uri (1.0.3)
    webrick (1.9.1)
    webrobots (0.1.2)
    zeitwerk (2.7.3)

PLATFORMS
  ruby

DEPENDENCIES
  benchmark-ips
  bioshogi!
  color (< 2.0.0)
  diff-lcs
  faraday
  mechanize
  rmagick
  rubyzip (~> 2.3.0)
  stackprof
  systemu
  test-unit
  zeitwerk

BUNDLED WITH
   2.6.3
